PATH
  remote: .
  specs:
    feature_channel (0.1.1)
      msgpack (~> 1.3, >= 1.3.3)

GEM
  remote: https://rubygems.org/
  specs:
    diff-lcs (1.4.4)
    msgpack (1.3.3)
    rake (13.0.1)
    rspec (3.10.0)
      rspec-core (~> 3.10.0)
      rspec-expectations (~> 3.10.0)
      rspec-mocks (~> 3.10.0)
    rspec-core (3.10.0)
      rspec-support (~> 3.10.0)
    rspec-expectations (3.10.0)
      diff-lcs (>= 1.2.0, < 2.0)
      rspec-support (~> 3.10.0)
    rspec-mocks (3.10.0)
      diff-lcs (>= 1.2.0, < 2.0)
      rspec-support (~> 3.10.0)
    rspec-support (3.10.0)

PLATFORMS
  ruby

DEPENDENCIES
  feature_channel!
  rake (~> 13.0)
  rspec (~> 3.10)

BUNDLED WITH
   2.1.4
